PATH
  remote: .
  specs:
    konnyaku (0.1.0)

GEM
  remote: https://rubygems.org/
  specs:
    minitest (5.14.3)
    rake (13.0.3)

PLATFORMS
  x86_64-linux

DEPENDENCIES
  konnyaku!
  minitest (~> 5.0)
  rake (~> 13.0)

BUNDLED WITH
   2.2.3
